GEM
  remote: https://rubygems.org/
  specs:
    airbrussh (1.5.3)
      sshkit (>= 1.6.1, != 1.7.0)
    base64 (0.2.0)
    bcrypt_pbkdf (1.1.1)
    capistrano (3.17.3)
      airbrussh (>= 1.0.0)
      i18n
      rake (>= 10.0.0)
      sshkit (>= 1.9.0)
    capistrano-file-permissions (1.0.0)
      capistrano (~> 3.0)
    capistrano-git-with-submodules (2.0.6)
      capistrano (~> 3.7)
    capistrano-service (0.0.2)
      capistrano (>= 3.0.0.pre)
    concurrent-ruby (1.3.5)
    ed25519 (1.3.0)
    i18n (1.14.7)
      concurrent-ruby (~> 1.0)
    logger (1.6.6)
    net-scp (4.1.0)
      net-ssh (>= 2.6.5, < 8.0.0)
    net-sftp (4.0.0)
      net-ssh (>= 5.0.0, < 8.0.0)
    net-ssh (7.3.0)
    ostruct (0.6.1)
    rake (13.2.1)
    sshkit (1.24.0)
      base64
      logger
      net-scp (>= 1.1.2)
      net-sftp (>= 2.1.2)
      net-ssh (>= 2.8.0)
      ostruct

PLATFORMS
  ruby

DEPENDENCIES
  bcrypt_pbkdf (>= 1.0, < 2.0)
  capistrano (~> 3.17.3)
  capistrano-file-permissions
  capistrano-git-with-submodules (~> 2.0.3)
  capistrano-service
  ed25519 (>= 1.2, < 2.0)

BUNDLED WITH
   2.1.4
